GEM
  remote: https://rubygems.org/
  specs:
    faker (1.7.3)
      i18n (~> 0.5)
    i18n (0.8.0)
    power_assert (0.2.6)
    rack (1.6.5)
    rack-protection (1.5.3)
      rack
    rack-test (0.6.3)
      rack (>= 1.0)
    rake (10.4.2)
    sinatra (1.4.8)
      rack (~> 1.5)
      rack-protection (~> 1.4)
      tilt (>= 1.3, < 3)
    sqlite3 (1.3.13)
    test-unit (3.1.5)
      power_assert
    tilt (2.0.6)

PLATFORMS
  ruby

DEPENDENCIES
  faker!
  rack-test!
  rake!
  sinatra!
  sqlite3!
  test-unit!

BUNDLED WITH
   1.14.4
